GEM
  remote: https://rubygems.org/
  specs:
    addressable (2.2.8)
    background_process (1.3)
    builder (3.2.2)
    capybara (2.0.0.beta2)
      mime-types (>= 1.16)
      nokogiri (>= 1.3.3)
      rack (>= 1.0.0)
      rack-test (>= 0.5.4)
      selenium-webdriver (~> 2.0)
      xpath (~> 1.0.0.beta1)
    childprocess (0.5.6)
      ffi (~> 1.0, >= 1.0.11)
    cucumber (1.2.1)
      builder (>= 2.1.2)
      diff-lcs (>= 1.1.3)
      gherkin (~> 2.11.0)
      json (>= 1.4.6)
    diff-lcs (1.1.3)
    ffi (1.9.8)
    gherkin (2.11.8)
      multi_json (~> 1.3)
    json (1.8.3)
    launchy (2.0.5)
      addressable (~> 2.2.6)
    mime-types (2.6.1)
    mini_portile (0.6.2)
    multi_json (1.11.0)
    nokogiri (1.6.6.2)
      mini_portile (~> 0.6.0)
    rack (1.6.1)
    rack-protection (1.5.3)
      rack
    rack-test (0.6.3)
      rack (>= 1.0)
    rspec (2.11.0)
      rspec-core (~> 2.11.0)
      rspec-expectations (~> 2.11.0)
      rspec-mocks (~> 2.11.0)
    rspec-core (2.11.1)
    rspec-expectations (2.11.3)
      diff-lcs (~> 1.1.3)
    rspec-mocks (2.11.3)
    rubyzip (1.1.7)
    selenium-webdriver (2.46.2)
      childprocess (~> 0.5)
      multi_json (~> 1.0)
      rubyzip (~> 1.0)
      websocket (~> 1.0)
    service_manager (0.6.2)
      background_process (>= 1.2)
      tcpsocket-wait
    sinatra (1.3.1)
      rack (~> 1.3, >= 1.3.4)
      rack (~> 1.3, >= 1.3.4)
      rack-protection (~> 1.1, >= 1.1.2)
      rack-protection (~> 1.1, >= 1.1.2)
      tilt (~> 1.3, >= 1.3.3)
      tilt (~> 1.3, >= 1.3.3)
    tcpsocket-wait (1.0.0)
    tilt (1.4.1)
    websocket (1.2.2)
    xpath (1.0.0)
      nokogiri (~> 1.3)

PLATFORMS
  ruby

DEPENDENCIES
  capybara (= 2.0.0.beta2)
  cucumber (= 1.2.1)
  launchy (= 2.0.5)
  rspec (= 2.11.0)
  service_manager (= 0.6.2)
  sinatra (= 1.3.1)
